PATH
  remote: .
  specs:
    spine-engines (0.1.0)
      rack (~> 1.6)

GEM
  remote: https://rubygems.org/
  specs:
    rack (1.6.4)
    rake (10.5.0)

PLATFORMS
  ruby

DEPENDENCIES
  bundler (~> 1.10)
  rake (~> 10.0)
  spine-engines!

BUNDLED WITH
   1.11.2
