PATH
  remote: .
  specs:
    spine-engines (0.2.0)
      rack (>= 1.6)

GEM
  remote: https://rubygems.org/
  specs:
    rack (2.0.1)
    rake (11.2.2)

PLATFORMS
  ruby

DEPENDENCIES
  bundler (>= 1.10)
  rake (>= 10.0)
  spine-engines!

BUNDLED WITH
   1.11.2
